GEM
  remote: https://rubygems.org/
  specs:
    colored (1.2)
    kicker (2.6.1)
      listen
    listen (0.7.3)
    rack (1.5.2)
    webrick (1.3.1)

PLATFORMS
  ruby

DEPENDENCIES
  colored
  kicker
  rack
  webrick
