GEM
  remote: https://rubygems.org/
  specs:
    colored (1.2)
    rack (1.5.2)
    webrick (1.3.1)

PLATFORMS
  ruby

DEPENDENCIES
  colored
  rack
  webrick
